GEM
  remote: https://rubygems.org/
  specs:
    dotenv (2.2.0)
    gon-sinatra (0.1.2)
      sinatra
    htmlentities (4.3.4)
    httpclient (2.8.3)
    multi_json (1.12.1)
    mysql2 (0.4.5-x64-mingw32)
    pg (0.20.0-x64-mingw32)
    pusher (1.3.0)
      httpclient (~> 2.7)
      multi_json (~> 1.0)
      pusher-signature (~> 0.1.8)
    pusher-signature (0.1.8)
    rack (1.6.5)
    rack-protection (1.5.3)
      rack
    sequel (4.44.0)
    sinatra (1.4.8)
      rack (~> 1.5)
      rack-protection (~> 1.4)
      tilt (>= 1.3, < 3)
    tilt (2.0.6)

PLATFORMS
  x64-mingw32

DEPENDENCIES
  dotenv
  gon-sinatra
  htmlentities
  mysql2
  pg
  pusher
  sequel
  sinatra

BUNDLED WITH
   1.13.6
